PATH
  remote: ../lib/ruby/gems
  specs:
    application (1.0.0)
      mq
    model (1.0.0)
    mq (1.0.0)
      bunny
    record_store (1.0.0)
      model
      mongo

GEM
  remote: https://rubygems.org/
  specs:
    amq-protocol (2.2.0)
    bson (4.2.2)
    bunny (2.8.0)
      amq-protocol (>= 2.2.0)
    byebug (9.1.0)
    diff-lcs (1.3)
    mini_portile2 (2.3.0)
    mongo (2.4.3)
      bson (>= 4.2.1, < 5.0.0)
    nokogiri (1.8.1)
      mini_portile2 (~> 2.3.0)
    rspec (3.7.0)
      rspec-core (~> 3.7.0)
      rspec-expectations (~> 3.7.0)
      rspec-mocks (~> 3.7.0)
    rspec-core (3.7.0)
      rspec-support (~> 3.7.0)
    rspec-expectations (3.7.0)
      diff-lcs (>= 1.2.0, < 2.0)
      rspec-support (~> 3.7.0)
    rspec-mocks (3.7.0)
      diff-lcs (>= 1.2.0, < 2.0)
      rspec-support (~> 3.7.0)
    rspec-support (3.7.0)

PLATFORMS
  ruby

DEPENDENCIES
  application!
  byebug
  nokogiri
  record_store!
  rspec

BUNDLED WITH
   1.13.7
